GEM
  remote: https://rubygems.org/
  specs:
    activesupport (3.2.14)
      i18n (~> 0.6, >= 0.6.4)
      multi_json (~> 1.0)
    i18n (0.7.0)
    multi_json (1.11.2)

PLATFORMS
  java

DEPENDENCIES
  activesupport (= 3.2.14)

BUNDLED WITH
   1.11.2
